PATH
  remote: .
  specs:
    bricklink (0.1.1)
      oauth (~> 0.5)

GEM
  remote: https://rubygems.org/
  specs:
    byebug (11.0.1)
    diff-lcs (1.3)
    dotenv (2.7.5)
    oauth (0.5.4)
    rake (13.0.1)
    rspec (3.9.0)
      rspec-core (~> 3.9.0)
      rspec-expectations (~> 3.9.0)
      rspec-mocks (~> 3.9.0)
    rspec-core (3.9.1)
      rspec-support (~> 3.9.1)
    rspec-expectations (3.9.0)
      diff-lcs (>= 1.2.0, < 2.0)
      rspec-support (~> 3.9.0)
    rspec-mocks (3.9.1)
      diff-lcs (>= 1.2.0, < 2.0)
      rspec-support (~> 3.9.0)
    rspec-support (3.9.2)

PLATFORMS
  ruby

DEPENDENCIES
  bricklink!
  bundler (~> 2.0)
  byebug (~> 11.0)
  dotenv (~> 2.7)
  rake (~> 13.0)
  rspec (~> 3.9)

BUNDLED WITH
   2.1.4
